PATH
  remote: .
  specs:
    html-snapshot (0.1.0)
      puma
      sinatra
      terrapin

GEM
  remote: https://rubygems.org/
  specs:
    climate_control (0.2.0)
    minitest (5.14.3)
    mustermann (1.1.1)
      ruby2_keywords (~> 0.0.1)
    nio4r (2.5.4)
    puma (5.1.1)
      nio4r (~> 2.0)
    rack (2.2.3)
    rack-protection (2.1.0)
      rack
    rake (12.3.3)
    ruby2_keywords (0.0.4)
    sinatra (2.1.0)
      mustermann (~> 1.0)
      rack (~> 2.2)
      rack-protection (= 2.1.0)
      tilt (~> 2.0)
    terrapin (0.6.0)
      climate_control (>= 0.0.3, < 1.0)
    tilt (2.0.10)

PLATFORMS
  ruby

DEPENDENCIES
  html-snapshot!
  minitest (~> 5.0)
  rake (~> 12.0)

BUNDLED WITH
   2.1.4
