PATH
  remote: .
  specs:
    html-snapshot (0.2.0)
      httpx
      puma
      sinatra
      terrapin

GEM
  remote: https://rubygems.org/
  specs:
    byebug (11.1.3)
    climate_control (0.2.0)
    dotenv (2.7.6)
    http-2-next (0.5.0)
    httpx (0.19.3)
      http-2-next (>= 0.4.1)
    minitest (5.14.4)
    mustermann (1.1.1)
      ruby2_keywords (~> 0.0.1)
    nio4r (2.5.8)
    puma (5.6.2)
      nio4r (~> 2.0)
    rack (2.2.3)
    rack-protection (2.2.0)
      rack
    rake (12.3.3)
    ruby2_keywords (0.0.5)
    sinatra (2.2.0)
      mustermann (~> 1.0)
      rack (~> 2.2)
      rack-protection (= 2.2.0)
      tilt (~> 2.0)
    terrapin (0.6.0)
      climate_control (>= 0.0.3, < 1.0)
    tilt (2.0.10)

PLATFORMS
  ruby

DEPENDENCIES
  byebug
  dotenv
  html-snapshot!
  minitest (~> 5.0)
  rack
  rake (~> 12.0)

BUNDLED WITH
   2.2.31
